GEM
  remote: https://rubygems.org/
  specs:
    byebug (12.0.0)
    chunky_png (1.4.0)
    ffi (1.17.2-arm64-darwin)
    logger (1.7.0)
    numo-narray (0.9.2.1)
    rice (4.5.0)
    ruby-vips (2.2.3)
      ffi (~> 1.12)
      logger
    torch-rb (0.20.0)
      rice (>= 4.5)
    torchvision (0.4.0)
      numo-narray
      ruby-vips (>= 2.1.2)
      torch-rb (>= 0.13)

PLATFORMS
  arm64-darwin-22

DEPENDENCIES
  byebug
  chunky_png
  torch-rb
  torchvision

BUNDLED WITH
   2.4.4
